PATH
  remote: .
  specs:
    ununiga (1.1.2)

GEM
  remote: http://www.rubygems.org/
  specs:
    i18n (0.8.0)
    minitest (5.8.3)

PLATFORMS
  ruby

DEPENDENCIES
  i18n
  minitest
  ununiga!

BUNDLED WITH
   2.1.2
